GIT
  remote: git://github.com/alces-software/alces-tools.git
  revision: 39f56e4dc1289b3fe37a3318e267edb08c97d918
  tag: 0.13.0
  specs:
    alces-tools (0.13.0)

GIT
  remote: git://github.com/alces-software/arriba.git
  revision: 6181bcd0f11368b1808c6a7305ef5b8e08e001e7
  tag: 0.5.0
  specs:
    arriba (0.5.0)
      activesupport

GEM
  remote: http://rubygems.org/
  specs:
    activesupport (3.2.13)
      i18n (= 0.6.1)
      multi_json (~> 1.0)
    daemon-kit (0.2.1)
      eventmachine (>= 0.12.10)
      i18n
      rubigen
      safely (>= 0.3.1)
      thor
    diff-lcs (1.2.1)
    eventmachine (1.0.7)
    i18n (0.6.1)
    multi_json (1.7.1)
    rake (10.0.3)
    rpam-ruby19 (1.2.1)
    rspec (2.13.0)
      rspec-core (~> 2.13.0)
      rspec-expectations (~> 2.13.0)
      rspec-mocks (~> 2.13.0)
    rspec-core (2.13.1)
    rspec-expectations (2.13.0)
      diff-lcs (>= 1.1.3, < 2.0)
    rspec-mocks (2.13.0)
    rubigen (1.5.7)
      activesupport (>= 2.3.5)
      i18n
    safely (0.3.2)
    simplecov (0.7.1)
      multi_json (~> 1.0)
      simplecov-html (~> 0.7.1)
    simplecov-html (0.7.1)
    thor (0.17.0)

PLATFORMS
  ruby

DEPENDENCIES
  alces-tools!
  arriba!
  daemon-kit
  rake
  rpam-ruby19
  rspec
  simplecov

BUNDLED WITH
   1.10.6
